GEM
  remote: https://rubygems.org/
  specs:
    cinch (2.0.4)
    god (0.13.2)
    json (1.5.5)
    leaderboard (3.0.2)
      redis
    redis (3.0.3)

PLATFORMS
  ruby

DEPENDENCIES
  cinch
  god
  json
  leaderboard
  redis
